GEM
  remote: http://rubygems.org/
  specs:
    RedCloth (4.2.9)
    albino (1.3.3)
      posix-spawn (>= 0.3.6)
    certified (0.1.1)
    chunky_png (1.2.6)
    classifier (1.3.3)
      fast-stemmer (>= 1.0.0)
    compass (0.12.2)
      chunky_png (~> 1.2)
      fssm (>= 0.2.7)
      sass (~> 3.1)
    directory_watcher (1.4.1)
    fast-stemmer (1.0.1)
    fssm (0.2.9)
    haml (3.1.7)
    jekyll (0.11.2)
      albino (~> 1.3)
      classifier (~> 1.3)
      directory_watcher (~> 1.1)
      kramdown (~> 0.13)
      liquid (~> 2.3)
      maruku (~> 0.5)
    kramdown (0.14.0)
    liquid (2.3.0)
    maruku (0.6.1)
      syntax (>= 1.0.0)
    mustermann (1.1.2)
      ruby2_keywords (~> 0.0.1)
    nio4r (2.5.8)
    nokogiri (1.5.5)
    pdfkit (0.5.2)
    posix-spawn (0.3.6)
    puma (6.1.1)
      nio4r (~> 2.0)
    rack (2.0.9.3)
    rack-protection (2.0.8.1)
      rack
    rake (10.0.4)
    rb-fsevent (0.9.2)
    rdiscount (1.6.8)
    redcarpet (1.17.2)
    redis (3.0.4)
    ruby2_keywords (0.0.5)
    rubypants (0.2.0)
    sass (3.2.3)
    sinatra (2.0.8.1)
      mustermann (~> 1.0)
      rack (~> 2.0)
      rack-protection (= 2.0.8.1)
      tilt (~> 2.0)
    sinatra-subdomain (0.4.0)
      sinatra
    stringex (1.4.0)
    syntax (1.0.0)
    tilt (2.1.0)
    wkhtmltopdf-binary (0.9.9.1)

PLATFORMS
  ruby

DEPENDENCIES
  RedCloth (~> 4.2.9)
  certified
  compass (~> 0.12.1)
  haml (~> 3.1.6)
  jekyll (~> 0.11.2)
  liquid (~> 2.3.0)
  nokogiri
  pdfkit
  puma (>= 2.12.0)
  rack (~> 2.0.9, >= 2.0.9.3)
  rake
  rb-fsevent (~> 0.9)
  rdiscount (~> 1.6.8)
  redcarpet (= 1.17.2)
  redis
  rubypants (~> 0.2.0)
  sinatra (~> 2.0.0)
  sinatra-subdomain
  stringex (~> 1.4.0)
  wkhtmltopdf-binary

BUNDLED WITH
   2.1.4
